GEM
  remote: https://rubygems.org/
  specs:
    event_spitter (0.5.0)
    firmata (0.1.1)
      event_spitter
      serialport (~> 1.1.0)
    serialport (1.1.0)

PLATFORMS
  ruby

DEPENDENCIES
  firmata
