GEM
  remote: https://rubygems.org/
  specs:
    arduino_firmata (0.2.3)
      args_parser (>= 0.1.2)
      event_emitter (>= 0.2.2)
      serialport (>= 1.1.0)
    args_parser (0.1.4)
    event_emitter (0.2.3)
    serialport (1.1.0)

PLATFORMS
  ruby

DEPENDENCIES
  arduino_firmata
